PATH
  remote: .
  specs:
    racing_snakes_gem (0.1.0)
      ruby2d (>= 0.10, < 1.0)

GEM
  remote: https://rubygems.org/
  specs:
    diff-lcs (1.6.2)
    rspec (3.13.1)
      rspec-core (~> 3.13.0)
      rspec-expectations (~> 3.13.0)
      rspec-mocks (~> 3.13.0)
    rspec-core (3.13.5)
      rspec-support (~> 3.13.0)
    rspec-expectations (3.13.5)
      diff-lcs (>= 1.2.0, < 2.0)
      rspec-support (~> 3.13.0)
    rspec-mocks (3.13.5)
      diff-lcs (>= 1.2.0, < 2.0)
      rspec-support (~> 3.13.0)
    rspec-support (3.13.4)
    ruby2d (0.12.1)

PLATFORMS
  arm64-darwin-23
  ruby

DEPENDENCIES
  racing_snakes_gem!
  rspec (~> 3.12)

BUNDLED WITH
   2.6.9
